RESTRICTION: || (== net471) (== netcoreapp2.0) (== netstandard2.0)
NUGET
  remote: https://api.nuget.org/v3/index.json
    Aardium (1.0.27)
      FSharp.Core (>= 4.6.2)
    Aardvark.Application (5.0.0-prerelease0002)
      Aardvark.Base.Essentials (>= 5.0.0-prerelease0007 < 5.1.0-prerelease)
      Aardvark.Base.Incremental (>= 5.0.0-prerelease0007 < 5.1.0-prerelease)
      Aardvark.Base.Rendering (5.0.0-prerelease0002)
      FShade.Core (>= 5.0.0-prerelease0004 < 5.1.0-prerelease)
      FShade.GLSL (>= 5.0.0-prerelease0004)
      FSharp.Core (>= 4.6.2)
    Aardvark.Application.Slim (5.0.0-prerelease0002)
      Aardvark.Application (5.0.0-prerelease0002)
      Aardvark.Base.Essentials (>= 5.0.0-prerelease0007 < 5.1.0-prerelease)
      Aardvark.Base.Incremental (>= 5.0.0-prerelease0007 < 5.1.0-prerelease)
      Aardvark.Base.Rendering (5.0.0-prerelease0002)
      Aardvark.Base.Runtime (>= 5.0.0-prerelease0007 < 5.1.0-prerelease)
      FShade (>= 5.0.0-prerelease0004 < 5.1.0-prerelease)
      FSharp.Core (>= 4.6.2)
      Unofficial.OpenTK (>= 3.0.16 < 3.1)
    Aardvark.Application.Slim.GL (5.0.0-prerelease0002)
      Aardvark.Application (5.0.0-prerelease0002)
      Aardvark.Base.Essentials (>= 5.0.0-prerelease0007 < 5.1.0-prerelease)
      Aardvark.Base.Incremental (>= 5.0.0-prerelease0007 < 5.1.0-prerelease)
      Aardvark.Base.Rendering (5.0.0-prerelease0002)
      Aardvark.Base.Runtime (>= 5.0.0-prerelease0007 < 5.1.0-prerelease)
      Aardvark.Rendering.GL (5.0.0-prerelease0002)
      FShade (>= 5.0.0-prerelease0004 < 5.1.0-prerelease)
      FSharp.Core (>= 4.6.2)
      Unofficial.OpenTK (>= 3.0.16 < 3.1)
    Aardvark.Application.Slim.Vulkan (5.0.0-prerelease0002)
      Aardvark.Application (5.0.0-prerelease0002)
      Aardvark.Application.Slim (5.0.0-prerelease0002)
      Aardvark.Base.Essentials (>= 5.0.0-prerelease0007 < 5.1.0-prerelease)
      Aardvark.Base.Incremental (>= 5.0.0-prerelease0007 < 5.1.0-prerelease)
      Aardvark.Base.Rendering (5.0.0-prerelease0002)
      Aardvark.Base.Runtime (>= 5.0.0-prerelease0007 < 5.1.0-prerelease)
      Aardvark.Rendering.Vulkan (5.0.0-prerelease0002)
      FShade (>= 5.0.0-prerelease0004 < 5.1.0-prerelease)
      FSharp.Core (>= 4.6.2)
      GLSLangSharp (>= 0.4.6 < 0.5)
      Unofficial.OpenTK (>= 3.0.16 < 3.1)
    Aardvark.Base (5.0.0-prerelease0007)
      Aardvark.Base.Telemetry (5.0.0-prerelease0007)
      DevILSharp (>= 0.2.6 < 0.3)
      System.Collections.Immutable (>= 1.5 < 1.6)
    Aardvark.Base.Essentials (5.0.0-prerelease0007)
      Aardvark.Base (5.0.0-prerelease0007)
      DevILSharp (>= 0.2.6 < 0.3)
      System.Collections.Immutable (>= 1.5 < 1.6)
      System.Reactive (>= 4.1.5 < 4.2)
    Aardvark.Base.FSharp (5.0.0-prerelease0007)
      Aardvark.Base (5.0.0-prerelease0007)
      Aardvark.Base.TypeProviders (>= 4.5.15 < 4.6)
      DevILSharp (>= 0.2.6 < 0.3)
      FSharp.Core (>= 4.6.2)
      FSharp.Data.Adaptive (>= 0.0.16 < 0.1)
      FsPickler (>= 5.2.2 < 5.3)
      System.Dynamic.Runtime (>= 4.3 < 4.4)
    Aardvark.Base.Incremental (5.0.0-prerelease0007)
      Aardvark.Base (5.0.0-prerelease0007)
      Aardvark.Base.FSharp (5.0.0-prerelease0007)
      Aardvark.Base.TypeProviders (>= 4.5.15 < 4.6)
      DevILSharp (>= 0.2.6 < 0.3)
      FSharp.Core (>= 4.6.2)
      FSharp.Data.Adaptive (>= 0.0.16 < 0.1)
      FsPickler (>= 5.2.2 < 5.3)
    Aardvark.Base.IO (5.0.0-prerelease0007)
      Aardvark.Base (5.0.0-prerelease0007)
      DevILSharp (>= 0.2.6 < 0.3)
      System.Dynamic.Runtime (>= 4.3 < 4.4)
    Aardvark.Base.Rendering (5.0.0-prerelease0002)
      Aardvark.Base.Essentials (>= 5.0.0-prerelease0007 < 5.1.0-prerelease)
      Aardvark.Base.Incremental (>= 5.0.0-prerelease0007 < 5.1.0-prerelease)
      FShade.Core (>= 5.0.0-prerelease0004 < 5.1.0-prerelease)
      FShade.GLSL (>= 5.0.0-prerelease0004)
      FSharp.Core (>= 4.6.2)
    Aardvark.Base.Runtime (5.0.0-prerelease0007)
      Aardvark.Base.FSharp (5.0.0-prerelease0007)
      Aardvark.Base.Incremental (5.0.0-prerelease0007)
      Aardvark.Base.TypeProviders (>= 4.5.15 < 4.6)
      DevILSharp (>= 0.2.6 < 0.3)
      FSharp.Core (>= 4.6.2)
      FSharp.Data.Adaptive (>= 0.0.16 < 0.1)
      FsPickler (>= 5.2.2 < 5.3)
    Aardvark.Base.Telemetry (5.0.0-prerelease0007)
    Aardvark.Base.TypeProviders (4.5.15)
      FSharp.Core (>= 3.1.2.5) - restriction: || (== net471) (&& (== netcoreapp2.0) (>= net45)) (&& (== netstandard2.0) (>= net45))
      FSharp.Core (>= 4.2.3) - restriction: || (&& (== net471) (< net45)) (== netcoreapp2.0) (== netstandard2.0)
    Aardvark.Geometry (5.0.0-prerelease0007)
      Aardvark.Base.FSharp (5.0.0-prerelease0007)
      Aardvark.Base.TypeProviders (>= 4.5.15 < 4.6)
      DevILSharp (>= 0.2.6 < 0.3)
      FSharp.Core (>= 4.6.2)
      FSharp.Data.Adaptive (>= 0.0.16 < 0.1)
      FsPickler (>= 5.2.2 < 5.3)
      Unofficial.LibTessDotNet (>= 2.0.2 < 2.1)
    Aardvark.Geometry.Clustering (5.0.0-prerelease0002)
      Aardvark.Base (>= 5.0.0-prerelease < 5.1.0-prerelease)
      Aardvark.Geometry.PointTree (5.0.0-prerelease0002)
      FSharp.Core (>= 4.6.2 < 4.7)
    Aardvark.Geometry.Intersection (5.0.0-prerelease0002)
      Aardvark.Base (>= 5.0.0-prerelease < 5.1.0-prerelease)
      Aardvark.Base.IO (>= 5.0.0-prerelease < 5.1.0-prerelease)
      FSharp.Core (>= 4.6.2 < 4.7)
    Aardvark.Geometry.PointTree (5.0.0-prerelease0002)
      Aardvark.Base (>= 5.0.0-prerelease < 5.1.0-prerelease)
      Aardvark.Base.IO (>= 5.0.0-prerelease < 5.1.0-prerelease)
      FSharp.Core (>= 4.6.2 < 4.7)
    Aardvark.Geometry.PolyMesh (5.0.0-prerelease0002)
      Aardvark.Base (>= 5.0.0-prerelease < 5.1.0-prerelease)
      Aardvark.Base.IO (>= 5.0.0-prerelease < 5.1.0-prerelease)
      Aardvark.Base.Rendering (>= 5.0.0-prerelease < 5.1.0-prerelease)
      Aardvark.Geometry.Clustering (5.0.0-prerelease0002)
      Aardvark.Geometry.Intersection (5.0.0-prerelease0002)
      FSharp.Core (>= 4.6.2 < 4.7)
    Aardvark.GPGPU (5.0.0-prerelease0002)
      Aardvark.Base.Incremental (>= 5.0.0-prerelease0007 < 5.1.0-prerelease)
      Aardvark.Base.Rendering (5.0.0-prerelease0002)
      FShade.Core (>= 5.0.0-prerelease0004 < 5.1.0-prerelease)
      FShade.GLSL (>= 5.0.0-prerelease0004)
      FSharp.Core (>= 4.6.2)
    Aardvark.Rendering.GL (5.0.0-prerelease0002)
      Aardvark.Base.Essentials (>= 5.0.0-prerelease0007 < 5.1.0-prerelease)
      Aardvark.Base.Incremental (>= 5.0.0-prerelease0007 < 5.1.0-prerelease)
      Aardvark.Base.Rendering (5.0.0-prerelease0002)
      Aardvark.Base.Runtime (>= 5.0.0-prerelease0007 < 5.1.0-prerelease)
      FShade (>= 5.0.0-prerelease0004 < 5.1.0-prerelease)
      FSharp.Core (>= 4.6.2)
      Unofficial.OpenTK (>= 3.0.16 < 3.1)
    Aardvark.Rendering.Text (5.0.0-prerelease0002)
      Aardvark.Base.Incremental (>= 5.0.0-prerelease0007 < 5.1.0-prerelease)
      Aardvark.Base.Rendering (5.0.0-prerelease0002)
      Aardvark.SceneGraph (5.0.0-prerelease0002)
      CommonMark.NET (>= 0.15.1 < 0.16)
      FShade.Core (>= 5.0.0-prerelease0004 < 5.1.0-prerelease)
      FShade.GLSL (>= 5.0.0-prerelease0004)
      FSharp.Core (>= 4.6.2)
      Unofficial.LibTessDotNet (>= 2.0.2 < 2.1)
      Unofficial.Typography (>= 0.0.3 < 0.1)
    Aardvark.Rendering.Vulkan (5.0.0-prerelease0002)
      Aardvark.Base.Incremental (>= 5.0.0-prerelease0007 < 5.1.0-prerelease)
      Aardvark.Base.Rendering (5.0.0-prerelease0002)
      Aardvark.Base.Runtime (>= 5.0.0-prerelease0007 < 5.1.0-prerelease)
      FShade (>= 5.0.0-prerelease0004 < 5.1.0-prerelease)
      FSharp.Core (>= 4.6.2)
      GLSLangSharp (>= 0.4.6 < 0.5)
    Aardvark.SceneGraph (5.0.0-prerelease0002)
      Aardvark.Base.Incremental (>= 5.0.0-prerelease0007 < 5.1.0-prerelease)
      Aardvark.Base.Rendering (5.0.0-prerelease0002)
      FShade.Core (>= 5.0.0-prerelease0004 < 5.1.0-prerelease)
      FShade.GLSL (>= 5.0.0-prerelease0004)
      FSharp.Core (>= 4.6.2)
    Aardvark.SceneGraph.IO (5.0.0-prerelease0002)
      Aardvark.Base.Incremental (>= 5.0.0-prerelease0007 < 5.1.0-prerelease)
      Aardvark.Base.Rendering (5.0.0-prerelease0002)
      Aardvark.SceneGraph (5.0.0-prerelease0002)
      FShade.Core (>= 5.0.0-prerelease0004 < 5.1.0-prerelease)
      FShade.GLSL (>= 5.0.0-prerelease0004)
      FSharp.Core (>= 4.6.2)
      Unofficial.AssimpNet (>= 4.0.5 < 4.1)
    Aardvark.SceneGraph.Opc (5.0.0-prerelease0002)
      Aardvark.Base.Incremental (>= 5.0.0-prerelease0007 < 5.1.0-prerelease)
      Aardvark.Base.IO (>= 5.0.0-prerelease0007 < 5.1.0-prerelease)
      Aardvark.Base.Rendering (5.0.0-prerelease0002)
      Aardvark.SceneGraph (5.0.0-prerelease0002)
      FSharp.Core (>= 4.6.2)
      SharpZipLib (>= 1.2 < 1.3)
    Aardvark.Service (5.0.0-prerelease0003)
      Aardvark.Application (>= 5.0.0-prerelease0001)
      Aardvark.Base (>= 5.0.0-prerelease0007 < 5.1.0-prerelease)
      Aardvark.Base.FSharp (>= 5.0.0-prerelease0007 < 5.1.0-prerelease)
      Aardvark.Base.Rendering (>= 5.0.0-prerelease0001 < 5.1.0-prerelease)
      Aardvark.GPGPU (>= 5.0.0-prerelease0001 < 5.1.0-prerelease)
      Aardvark.Rendering.GL (>= 5.0.0-prerelease0001)
      Aardvark.Rendering.Vulkan (>= 5.0.0-prerelease0001 < 5.1.0-prerelease)
      FSharp.Core (>= 4.6.2)
      FSharp.Data.Adaptive (>= 0.0.17 < 0.1)
      FsPickler (>= 5.2.2 < 5.3)
      FsPickler.Json (>= 5.2.2 < 5.3)
      Suave (>= 2.5.5 < 2.6)
    Aardvark.UI (5.0.0-prerelease0003)
      Aardvark.Application (>= 5.0.0-prerelease0001)
      Aardvark.Base (>= 5.0.0-prerelease0007 < 5.1.0-prerelease)
      Aardvark.Base.FSharp (>= 5.0.0-prerelease0007 < 5.1.0-prerelease)
      Aardvark.Base.Incremental (>= 5.0.0-prerelease0007 < 5.1.0-prerelease)
      Aardvark.Base.Rendering (>= 5.0.0-prerelease0001 < 5.1.0-prerelease)
      Aardvark.GPGPU (>= 5.0.0-prerelease0001 < 5.1.0-prerelease)
      Aardvark.Rendering.GL (>= 5.0.0-prerelease0001)
      Aardvark.Rendering.Vulkan (>= 5.0.0-prerelease0001 < 5.1.0-prerelease)
      Aardvark.SceneGraph (>= 5.0.0-prerelease0001 < 5.1.0-prerelease)
      Aardvark.Service (5.0.0-prerelease0003)
      FSharp.Core (>= 4.6.2)
      FSharp.Data.Adaptive (>= 0.0.17 < 0.1)
      FsPickler (>= 5.2.2 < 5.3)
      FsPickler.Json (>= 5.2.2 < 5.3)
      Suave (>= 2.5.5 < 2.6)
    Aardvark.UI.Primitives (5.0.0-prerelease0003)
      Aardvark.Application (>= 5.0.0-prerelease0001)
      Aardvark.Base (>= 5.0.0-prerelease0007 < 5.1.0-prerelease)
      Aardvark.Base.FSharp (>= 5.0.0-prerelease0007 < 5.1.0-prerelease)
      Aardvark.Base.Incremental (>= 5.0.0-prerelease0007 < 5.1.0-prerelease)
      Aardvark.Base.Rendering (>= 5.0.0-prerelease0001 < 5.1.0-prerelease)
      Aardvark.SceneGraph (>= 5.0.0-prerelease0001 < 5.1.0-prerelease)
      Aardvark.Service (5.0.0-prerelease0003)
      Aardvark.UI (5.0.0-prerelease0003)
      FSharp.Core (>= 4.6.2)
      FSharp.Data.Adaptive (>= 0.0.17 < 0.1)
      FsPickler (>= 5.2.2 < 5.3)
      FsPickler.Json (>= 5.2.2 < 5.3)
    Adaptify.Core (0.0.35)
      FSharp.Data.Adaptive (>= 0.0.17 < 0.1)
    Adaptify.MSBuild (0.0.35)
      Adaptify.Core (0.0.35)
    CommonMark.NET (0.15.1)
    DevILSharp (0.2.7)
      FSharp.Core (>= 4.6.2)
    FShade (5.0.0-prerelease0004)
      FShade.Core (5.0.0-prerelease0004)
      FShade.GLSL (5.0.0-prerelease0004)
      FShade.Imperative (5.0.0-prerelease0004)
      FShade.SpirV (5.0.0-prerelease0004)
    FShade.Core (5.0.0-prerelease0004)
      Aardvark.Base (>= 5.0.0-prerelease0004 < 5.1.0-prerelease)
      Aardvark.Base.FSharp (>= 5.0.0-prerelease0004 < 5.1.0-prerelease)
      FShade.Imperative (5.0.0-prerelease0004)
      FSharp.Core (>= 4.6.2)
    FShade.GLSL (5.0.0-prerelease0004)
      Aardvark.Base (>= 5.0.0-prerelease0004 < 5.1.0-prerelease)
      Aardvark.Base.FSharp (>= 5.0.0-prerelease0004 < 5.1.0-prerelease)
      FShade.Core (5.0.0-prerelease0004)
      FShade.Imperative (5.0.0-prerelease0004)
      FSharp.Core (>= 4.6.2)
    FShade.Imperative (5.0.0-prerelease0004)
      Aardvark.Base (>= 5.0.0-prerelease0004 < 5.1.0-prerelease)
      Aardvark.Base.FSharp (>= 5.0.0-prerelease0004 < 5.1.0-prerelease)
      FSharp.Core (>= 4.6.2)
      FsPickler (>= 5.2.2 < 5.3)
    FShade.SpirV (5.0.0-prerelease0004)
      Aardvark.Base (>= 5.0.0-prerelease0004 < 5.1.0-prerelease)
      Aardvark.Base.FSharp (>= 5.0.0-prerelease0004 < 5.1.0-prerelease)
      FShade.Core (5.0.0-prerelease0004)
      FShade.Imperative (5.0.0-prerelease0004)
      FSharp.Core (>= 4.6.2)
    FSharp.Core (4.6.2)
    FSharp.Data (3.1.1)
      FSharp.Core (>= 4.0.0.1) - restriction: || (== net471) (&& (== netcoreapp2.0) (>= net45)) (&& (== netstandard2.0) (>= net45))
      FSharp.Core (>= 4.3.4) - restriction: || (&& (== net471) (< net45)) (== netcoreapp2.0) (== netstandard2.0)
    FSharp.Data.Adaptive (0.0.17)
      FSharp.Core (>= 4.6.2)
      System.Reflection.Emit.Lightweight (>= 4.6 < 4.7)
    FsPickler (5.2.2)
      FSharp.Core (>= 3.1.2) - restriction: || (== net471) (&& (== netcoreapp2.0) (>= net45)) (&& (== netstandard2.0) (>= net45))
      FSharp.Core (>= 4.3.2) - restriction: || (&& (== net471) (< net45)) (== netcoreapp2.0) (== netstandard2.0)
      System.Reflection.Emit.Lightweight (>= 4.3) - restriction: || (&& (== net471) (< net45)) (== netcoreapp2.0) (== netstandard2.0)
    FsPickler.Json (5.2.2)
      FSharp.Core (>= 3.1.2) - restriction: || (== net471) (&& (== netcoreapp2.0) (>= net45)) (&& (== netstandard2.0) (>= net45))
      FSharp.Core (>= 4.3.2) - restriction: || (&& (== net471) (< net45)) (== netcoreapp2.0) (== netstandard2.0)
      Newtonsoft.Json (>= 6.0.5) - restriction: || (== net471) (&& (== netcoreapp2.0) (>= net45)) (&& (== netstandard2.0) (>= net45))
      Newtonsoft.Json (>= 10.0.1) - restriction: || (&& (== net471) (< net45)) (== netcoreapp2.0) (== netstandard2.0)
      SourceLink.Embed.PaketFiles
    GLSLangSharp (0.4.6)
      FSharp.Core (>= 4.6.2)
    Microsoft.NETCore.Platforms (3.1) - restriction: || (&& (== net471) (< net45)) (== netcoreapp2.0) (== netstandard2.0)
    Microsoft.NETCore.Targets (3.1) - restriction: || (&& (== net471) (< net45)) (== netcoreapp2.0) (== netstandard2.0)
    Newtonsoft.Json (12.0.3)
    SharpZipLib (1.2)
    SourceLink.Embed.PaketFiles (2.8.3)
    Suave (2.5.6)
      FSharp.Core (>= 4.3.4)
    System.Collections (4.3) - restriction: || (&& (== net471) (< net45)) (== netcoreapp2.0) (== netstandard2.0)
      Microsoft.NETCore.Platforms (>= 1.1) - restriction: || (&& (== net471) (< net45)) (== netcoreapp2.0) (== netstandard2.0)
      Microsoft.NETCore.Targets (>= 1.1) - restriction: || (&& (== net471) (< net45)) (== netcoreapp2.0) (== netstandard2.0)
      System.Runtime (>= 4.3) - restriction: || (&& (== net471) (< net45)) (== netcoreapp2.0) (== netstandard2.0)
    System.Collections.Immutable (1.5)
    System.Diagnostics.Debug (4.3) - restriction: || (&& (== net471) (< net45)) (== netcoreapp2.0) (== netstandard2.0)
      Microsoft.NETCore.Platforms (>= 1.1) - restriction: || (&& (== net471) (< net45)) (== netcoreapp2.0) (== netstandard2.0)
      Microsoft.NETCore.Targets (>= 1.1) - restriction: || (&& (== net471) (< net45)) (== netcoreapp2.0) (== netstandard2.0)
      System.Runtime (>= 4.3) - restriction: || (&& (== net471) (< net45)) (== netcoreapp2.0) (== netstandard2.0)
    System.Dynamic.Runtime (4.3)
      System.Collections (>= 4.3) - restriction: || (&& (== net471) (< net45)) (== netcoreapp2.0) (== netstandard2.0)
      System.Diagnostics.Debug (>= 4.3) - restriction: || (&& (== net471) (< net45)) (== netcoreapp2.0) (== netstandard2.0)
      System.Linq (>= 4.3) - restriction: || (&& (== net471) (< net45)) (== netcoreapp2.0) (== netstandard2.0)
      System.Linq.Expressions (>= 4.3) - restriction: || (&& (== net471) (< net45)) (== netcoreapp2.0) (== netstandard2.0)
      System.ObjectModel (>= 4.3) - restriction: || (&& (== net471) (< net45)) (== netcoreapp2.0) (== netstandard2.0)
      System.Reflection (>= 4.3) - restriction: || (&& (== net471) (< net45)) (== netcoreapp2.0) (== netstandard2.0)
      System.Reflection.Emit (>= 4.3) - restriction: || (&& (== net471) (< net45)) (== netcoreapp2.0) (== netstandard2.0)
      System.Reflection.Emit.ILGeneration (>= 4.3) - restriction: || (&& (== net471) (< net45)) (== netcoreapp2.0) (== netstandard2.0)
      System.Reflection.Primitives (>= 4.3) - restriction: || (&& (== net471) (< net45)) (== netcoreapp2.0) (== netstandard2.0)
      System.Reflection.TypeExtensions (>= 4.3) - restriction: || (&& (== net471) (< net45)) (== netcoreapp2.0) (== netstandard2.0)
      System.Resources.ResourceManager (>= 4.3) - restriction: || (&& (== net471) (< net45)) (== netcoreapp2.0) (== netstandard2.0)
      System.Runtime (>= 4.3) - restriction: || (&& (== net471) (< net45)) (== netcoreapp2.0) (== netstandard2.0)
      System.Runtime.Extensions (>= 4.3) - restriction: || (&& (== net471) (< net45)) (== netcoreapp2.0) (== netstandard2.0)
      System.Threading (>= 4.3) - restriction: || (&& (== net471) (< net45)) (== netcoreapp2.0) (== netstandard2.0)
    System.Globalization (4.3) - restriction: || (&& (== net471) (< net45)) (== netcoreapp2.0) (== netstandard2.0)
      Microsoft.NETCore.Platforms (>= 1.1) - restriction: || (&& (== net471) (< net45)) (== netcoreapp2.0) (== netstandard2.0)
      Microsoft.NETCore.Targets (>= 1.1) - restriction: || (&& (== net471) (< net45)) (== netcoreapp2.0) (== netstandard2.0)
      System.Runtime (>= 4.3) - restriction: || (&& (== net471) (< net45)) (== netcoreapp2.0) (== netstandard2.0)
    System.IO (4.3) - restriction: || (&& (== net471) (< net45)) (== netcoreapp2.0) (== netstandard2.0)
      Microsoft.NETCore.Platforms (>= 1.1) - restriction: || (&& (== net471) (< net45)) (== netcoreapp2.0) (== netstandard2.0)
      Microsoft.NETCore.Targets (>= 1.1) - restriction: || (&& (== net471) (< net45)) (== netcoreapp2.0) (== netstandard2.0)
      System.Runtime (>= 4.3) - restriction: || (&& (== net471) (< net45)) (== netcoreapp2.0) (== netstandard2.0)
      System.Text.Encoding (>= 4.3) - restriction: || (&& (== net471) (< net45)) (== netcoreapp2.0) (== netstandard2.0)
      System.Threading.Tasks (>= 4.3) - restriction: || (&& (== net471) (< net45)) (== netcoreapp2.0) (== netstandard2.0)
    System.Linq (4.3) - restriction: || (&& (== net471) (< net45)) (== netcoreapp2.0) (== netstandard2.0)
      System.Collections (>= 4.3) - restriction: || (&& (== net471) (< net45)) (== netcoreapp2.0) (== netstandard2.0)
      System.Diagnostics.Debug (>= 4.3) - restriction: || (&& (== net471) (< net45)) (== netcoreapp2.0) (== netstandard2.0)
      System.Resources.ResourceManager (>= 4.3) - restriction: || (&& (== net471) (< net45)) (== netcoreapp2.0) (== netstandard2.0)
      System.Runtime (>= 4.3) - restriction: || (&& (== net471) (< net45)) (== netcoreapp2.0) (== netstandard2.0)
      System.Runtime.Extensions (>= 4.3) - restriction: || (&& (== net471) (< net45)) (== netcoreapp2.0) (== netstandard2.0)
    System.Linq.Expressions (4.3) - restriction: || (&& (== net471) (< net45)) (== netcoreapp2.0) (== netstandard2.0)
      System.Collections (>= 4.3) - restriction: || (&& (== net471) (< net45)) (== netcoreapp2.0) (== netstandard2.0)
      System.Diagnostics.Debug (>= 4.3) - restriction: || (&& (== net471) (< net45)) (== netcoreapp2.0) (== netstandard2.0)
      System.Globalization (>= 4.3) - restriction: || (&& (== net471) (< net45)) (== netcoreapp2.0) (== netstandard2.0)
      System.IO (>= 4.3) - restriction: || (&& (== net471) (< net45)) (== netcoreapp2.0) (== netstandard2.0)
      System.Linq (>= 4.3) - restriction: || (&& (== net471) (< net45)) (== netcoreapp2.0) (== netstandard2.0)
      System.ObjectModel (>= 4.3) - restriction: || (&& (== net471) (< net45)) (== netcoreapp2.0) (== netstandard2.0)
      System.Reflection (>= 4.3) - restriction: || (&& (== net471) (< net45)) (== netcoreapp2.0) (== netstandard2.0)
      System.Reflection.Emit (>= 4.3) - restriction: || (&& (== net471) (< net45)) (== netcoreapp2.0) (== netstandard2.0)
      System.Reflection.Emit.ILGeneration (>= 4.3) - restriction: || (&& (== net471) (< net45)) (== netcoreapp2.0) (== netstandard2.0)
      System.Reflection.Emit.Lightweight (>= 4.3) - restriction: || (&& (== net471) (< net45)) (== netcoreapp2.0) (== netstandard2.0)
      System.Reflection.Extensions (>= 4.3) - restriction: || (&& (== net471) (< net45)) (== netcoreapp2.0) (== netstandard2.0)
      System.Reflection.Primitives (>= 4.3) - restriction: || (&& (== net471) (< net45)) (== netcoreapp2.0) (== netstandard2.0)
      System.Reflection.TypeExtensions (>= 4.3) - restriction: || (&& (== net471) (< net45)) (== netcoreapp2.0) (== netstandard2.0)
      System.Resources.ResourceManager (>= 4.3) - restriction: || (&& (== net471) (< net45)) (== netcoreapp2.0) (== netstandard2.0)
      System.Runtime (>= 4.3) - restriction: || (&& (== net471) (< net45)) (== netcoreapp2.0) (== netstandard2.0)
      System.Runtime.Extensions (>= 4.3) - restriction: || (&& (== net471) (< net45)) (== netcoreapp2.0) (== netstandard2.0)
      System.Threading (>= 4.3) - restriction: || (&& (== net471) (< net45)) (== netcoreapp2.0) (== netstandard2.0)
    System.ObjectModel (4.3) - restriction: || (&& (== net471) (< net45)) (== netcoreapp2.0) (== netstandard2.0)
      System.Collections (>= 4.3) - restriction: || (&& (== net471) (< net45)) (== netcoreapp2.0) (== netstandard2.0)
      System.Diagnostics.Debug (>= 4.3) - restriction: || (&& (== net471) (< net45)) (== netcoreapp2.0) (== netstandard2.0)
      System.Resources.ResourceManager (>= 4.3) - restriction: || (&& (== net471) (< net45)) (== netcoreapp2.0) (== netstandard2.0)
      System.Runtime (>= 4.3) - restriction: || (&& (== net471) (< net45)) (== netcoreapp2.0) (== netstandard2.0)
      System.Threading (>= 4.3) - restriction: || (&& (== net471) (< net45)) (== netcoreapp2.0) (== netstandard2.0)
    System.Reactive (4.1.6)
      System.Runtime.InteropServices.WindowsRuntime (>= 4.3) - restriction: || (&& (== net471) (< net46)) (== netcoreapp2.0) (== netstandard2.0)
      System.Threading.Tasks.Extensions (>= 4.5.2)
      System.ValueTuple (>= 4.5) - restriction: || (== net471) (&& (== netcoreapp2.0) (>= net46)) (&& (== netcoreapp2.0) (>= uap10.0)) (&& (== netstandard2.0) (>= net46)) (&& (== netstandard2.0) (>= uap10.0))
    System.Reflection (4.3) - restriction: || (&& (== net471) (< net45)) (== netcoreapp2.0) (== netstandard2.0)
      Microsoft.NETCore.Platforms (>= 1.1) - restriction: || (&& (== net471) (< net45)) (== netcoreapp2.0) (== netstandard2.0)
      Microsoft.NETCore.Targets (>= 1.1) - restriction: || (&& (== net471) (< net45)) (== netcoreapp2.0) (== netstandard2.0)
      System.IO (>= 4.3) - restriction: || (&& (== net471) (< net45)) (== netcoreapp2.0) (== netstandard2.0)
      System.Reflection.Primitives (>= 4.3) - restriction: || (&& (== net471) (< net45)) (== netcoreapp2.0) (== netstandard2.0)
      System.Runtime (>= 4.3) - restriction: || (&& (== net471) (< net45)) (== netcoreapp2.0) (== netstandard2.0)
    System.Reflection.Emit (4.7) - restriction: || (&& (== net471) (< net45)) (== netcoreapp2.0) (== netstandard2.0)
      System.Reflection.Emit.ILGeneration (>= 4.7) - restriction: || (&& (== net471) (== netcoreapp2.0)) (&& (== net471) (< net45)) (&& (== net471) (< netstandard1.1)) (&& (== net471) (< netstandard2.0) (>= wpa81)) (&& (== net471) (>= uap10.1)) (&& (== netcoreapp2.0) (< netstandard1.1)) (&& (== netcoreapp2.0) (< netstandard2.0)) (&& (== netcoreapp2.0) (>= uap10.1)) (== netstandard2.0)
    System.Reflection.Emit.ILGeneration (4.7) - restriction: || (&& (== net471) (< net45)) (&& (== net471) (< netstandard1.1)) (&& (== net471) (< netstandard2.0) (>= wpa81)) (&& (== net471) (< portable-net45+wp8)) (&& (== net471) (>= uap10.1)) (== netcoreapp2.0) (== netstandard2.0)
    System.Reflection.Emit.Lightweight (4.6)
      System.Reflection.Emit.ILGeneration (>= 4.6) - restriction: || (&& (== net471) (== netcoreapp2.0)) (&& (== net471) (< net45)) (&& (== net471) (< netstandard2.0) (>= wpa81)) (&& (== net471) (< portable-net45+wp8)) (&& (== net471) (>= uap10.1)) (&& (== netcoreapp2.0) (< netstandard2.0)) (&& (== netcoreapp2.0) (< portable-net45+wp8)) (&& (== netcoreapp2.0) (>= uap10.1)) (== netstandard2.0)
    System.Reflection.Extensions (4.3) - restriction: || (&& (== net471) (< net45)) (== netcoreapp2.0) (== netstandard2.0)
      Microsoft.NETCore.Platforms (>= 1.1) - restriction: || (&& (== net471) (< net45)) (== netcoreapp2.0) (== netstandard2.0)
      Microsoft.NETCore.Targets (>= 1.1) - restriction: || (&& (== net471) (< net45)) (== netcoreapp2.0) (== netstandard2.0)
      System.Reflection (>= 4.3) - restriction: || (&& (== net471) (< net45)) (== netcoreapp2.0) (== netstandard2.0)
      System.Runtime (>= 4.3) - restriction: || (&& (== net471) (< net45)) (== netcoreapp2.0) (== netstandard2.0)
    System.Reflection.Primitives (4.3) - restriction: || (&& (== net471) (< net45)) (== netcoreapp2.0) (== netstandard2.0)
      Microsoft.NETCore.Platforms (>= 1.1) - restriction: || (&& (== net471) (< net45)) (== netcoreapp2.0) (== netstandard2.0)
      Microsoft.NETCore.Targets (>= 1.1) - restriction: || (&& (== net471) (< net45)) (== netcoreapp2.0) (== netstandard2.0)
      System.Runtime (>= 4.3) - restriction: || (&& (== net471) (< net45)) (== netcoreapp2.0) (== netstandard2.0)
    System.Reflection.TypeExtensions (4.7) - restriction: || (&& (== net471) (< net45)) (== netcoreapp2.0) (== netstandard2.0)
    System.Resources.ResourceManager (4.3) - restriction: || (&& (== net471) (< net45)) (== netcoreapp2.0) (== netstandard2.0)
      Microsoft.NETCore.Platforms (>= 1.1) - restriction: || (&& (== net471) (< net45)) (== netcoreapp2.0) (== netstandard2.0)
      Microsoft.NETCore.Targets (>= 1.1) - restriction: || (&& (== net471) (< net45)) (== netcoreapp2.0) (== netstandard2.0)
      System.Globalization (>= 4.3) - restriction: || (&& (== net471) (< net45)) (== netcoreapp2.0) (== netstandard2.0)
      System.Reflection (>= 4.3) - restriction: || (&& (== net471) (< net45)) (== netcoreapp2.0) (== netstandard2.0)
      System.Runtime (>= 4.3) - restriction: || (&& (== net471) (< net45)) (== netcoreapp2.0) (== netstandard2.0)
    System.Runtime (4.3.1) - restriction: || (&& (== net471) (< net45)) (== netcoreapp2.0) (== netstandard2.0)
      Microsoft.NETCore.Platforms (>= 1.1.1) - restriction: || (&& (== net471) (< net45)) (== netcoreapp2.0) (== netstandard2.0)
      Microsoft.NETCore.Targets (>= 1.1.3) - restriction: || (&& (== net471) (< net45)) (== netcoreapp2.0) (== netstandard2.0)
    System.Runtime.CompilerServices.Unsafe (4.7)
    System.Runtime.Extensions (4.3.1) - restriction: || (&& (== net471) (< net45)) (== netcoreapp2.0) (== netstandard2.0)
      Microsoft.NETCore.Platforms (>= 1.1.1) - restriction: || (&& (== net471) (< net45)) (== netcoreapp2.0) (== netstandard2.0)
      Microsoft.NETCore.Targets (>= 1.1.3) - restriction: || (&& (== net471) (< net45)) (== netcoreapp2.0) (== netstandard2.0)
      System.Runtime (>= 4.3.1) - restriction: || (&& (== net471) (< net45)) (== netcoreapp2.0) (== netstandard2.0)
    System.Runtime.InteropServices.WindowsRuntime (4.3) - restriction: || (&& (== net471) (< net46)) (== netcoreapp2.0) (== netstandard2.0)
      System.Runtime (>= 4.3) - restriction: || (&& (== net471) (< net45)) (== netcoreapp2.0) (== netstandard2.0)
    System.Text.Encoding (4.3) - restriction: || (&& (== net471) (< net45)) (== netcoreapp2.0) (== netstandard2.0)
      Microsoft.NETCore.Platforms (>= 1.1) - restriction: || (&& (== net471) (< net45)) (== netcoreapp2.0) (== netstandard2.0)
      Microsoft.NETCore.Targets (>= 1.1) - restriction: || (&& (== net471) (< net45)) (== netcoreapp2.0) (== netstandard2.0)
      System.Runtime (>= 4.3) - restriction: || (&& (== net471) (< net45)) (== netcoreapp2.0) (== netstandard2.0)
    System.Threading (4.3) - restriction: || (&& (== net471) (< net45)) (== netcoreapp2.0) (== netstandard2.0)
      System.Runtime (>= 4.3) - restriction: || (&& (== net471) (< net45)) (== netcoreapp2.0) (== netstandard2.0)
      System.Threading.Tasks (>= 4.3) - restriction: || (&& (== net471) (< net45)) (== netcoreapp2.0) (== netstandard2.0)
    System.Threading.Tasks (4.3) - restriction: || (&& (== net471) (< net45)) (== netcoreapp2.0) (== netstandard2.0)
      Microsoft.NETCore.Platforms (>= 1.1) - restriction: || (&& (== net471) (< net45)) (== netcoreapp2.0) (== netstandard2.0)
      Microsoft.NETCore.Targets (>= 1.1) - restriction: || (&& (== net471) (< net45)) (== netcoreapp2.0) (== netstandard2.0)
      System.Runtime (>= 4.3) - restriction: || (&& (== net471) (< net45)) (== netcoreapp2.0) (== netstandard2.0)
    System.Threading.Tasks.Extensions (4.5.3)
      System.Runtime.CompilerServices.Unsafe (>= 4.5.2)
    System.ValueTuple (4.5) - restriction: || (== net471) (&& (== netcoreapp2.0) (>= net46)) (&& (== netcoreapp2.0) (>= uap10.0)) (&& (== netstandard2.0) (>= net46)) (&& (== netstandard2.0) (>= uap10.0))
    Uncodium.Eigensystems (1.1.0-prerelease0001)
      Aardvark.Base (>= 5.0.0-prerelease < 5.1.0-prerelease)
    Unofficial.AssimpNet (4.0.5)
    Unofficial.LibTessDotNet (2.0.2)
    Unofficial.OpenTK (3.0.16)
    Unofficial.Typography (0.0.3)

GROUP Build
CONTENT: NONE
RESTRICTION: == net45
NUGET
  remote: https://api.nuget.org/v3/index.json
    FAKE (4.63.2)
    Mono.Cecil (0.10.4)
    SourceLink.Fake (1.1)
GITHUB
  remote: aardvark-platform/aardvark.fake
    FULLPROJECT (96926239f65c3d28860054c76882b637163f2841)
      FAKE (>= 4.63 < 4.64)
      Mono.Cecil (>= 0.10.0-beta6 < 0.11)
      SourceLink.Fake (>= 1.1 < 1.2)