RESTRICTION: || (== net471) (== netcoreapp2.0) (== netstandard2.0)
NUGET
  remote: https://api.nuget.org/v3/index.json
    Aardium (1.0.21)
      Aardvark.Base.FSharp (>= 4.5.8)
    Aardvark.Application (4.11.2)
      Aardvark.Base.Essentials (>= 4.5.11 < 4.6)
      Aardvark.Base.Incremental (>= 4.5.11 < 4.6)
      Aardvark.Base.Rendering (4.11.2)
      FShade.Core (>= 4.3.9 < 4.4)
      FShade.GLSL (>= 4.3.9)
      FSharp.Core (>= 4.6.2 < 4.7)
    Aardvark.Application.Slim (4.11.2)
      Aardvark.Application (4.11.2)
      Aardvark.Base.Essentials (>= 4.5.11 < 4.6)
      Aardvark.Base.Incremental (>= 4.5.11 < 4.6)
      Aardvark.Base.Rendering (4.11.2)
      Aardvark.Base.Runtime (>= 4.5.11 < 4.6)
      FShade (>= 4.3.9 < 4.4)
      FSharp.Core (>= 4.6.2 < 4.7)
      Unofficial.OpenTK (>= 3.0.16 < 3.1)
    Aardvark.Application.Slim.GL (4.11.2)
      Aardvark.Application (4.11.2)
      Aardvark.Base.Essentials (>= 4.5.11 < 4.6)
      Aardvark.Base.Incremental (>= 4.5.11 < 4.6)
      Aardvark.Base.Rendering (4.11.2)
      Aardvark.Base.Runtime (>= 4.5.11 < 4.6)
      Aardvark.Rendering.GL (4.11.2)
      FShade (>= 4.3.9 < 4.4)
      FSharp.Core (>= 4.6.2 < 4.7)
      Unofficial.OpenTK (>= 3.0.16 < 3.1)
    Aardvark.Application.Slim.Vulkan (4.11.2)
      Aardvark.Application (4.11.2)
      Aardvark.Application.Slim (4.11.2)
      Aardvark.Base.Essentials (>= 4.5.11 < 4.6)
      Aardvark.Base.Incremental (>= 4.5.11 < 4.6)
      Aardvark.Base.Rendering (4.11.2)
      Aardvark.Base.Runtime (>= 4.5.11 < 4.6)
      Aardvark.Rendering.Vulkan (4.11.2)
      FShade (>= 4.3.9 < 4.4)
      FSharp.Core (>= 4.6.2 < 4.7)
      GLSLangSharp (>= 0.4.4 < 0.5)
      Unofficial.OpenTK (>= 3.0.16 < 3.1)
    Aardvark.Base (4.5.11)
      Aardvark.Base.Telemetry (4.5.11)
      DevILSharp (>= 0.2.5 < 0.3)
      System.Collections.Immutable (>= 1.5 < 1.6)
    Aardvark.Base.Essentials (4.5.11)
      Aardvark.Base (4.5.11)
      DevILSharp (>= 0.2.5 < 0.3)
      System.Collections.Immutable (>= 1.5 < 1.6)
      System.Reactive (>= 4.1.5 < 4.2)
    Aardvark.Base.FSharp (4.5.11)
      Aardvark.Base (4.5.11)
      Aardvark.Base.TypeProviders (>= 4.5.8 < 4.6)
      DevILSharp (>= 0.2.5 < 0.3)
      FSharp.Core (>= 4.6.2 < 4.7)
      FsPickler (>= 5.2.2 < 5.3)
      System.Dynamic.Runtime (>= 4.3 < 4.4)
    Aardvark.Base.Incremental (4.5.11)
      Aardvark.Base (4.5.11)
      Aardvark.Base.FSharp (4.5.11)
      Aardvark.Base.TypeProviders (>= 4.5.8 < 4.6)
      DevILSharp (>= 0.2.5 < 0.3)
      FSharp.Core (>= 4.6.2 < 4.7)
      FsPickler (>= 5.2.2 < 5.3)
    Aardvark.Base.IO (4.5.11)
      Aardvark.Base (4.5.11)
      DevILSharp (>= 0.2.5 < 0.3)
      System.Dynamic.Runtime (>= 4.3 < 4.4)
    Aardvark.Base.Rendering (4.11.2)
      Aardvark.Base.Essentials (>= 4.5.11 < 4.6)
      Aardvark.Base.Incremental (>= 4.5.11 < 4.6)
      FShade.Core (>= 4.3.9 < 4.4)
      FShade.GLSL (>= 4.3.9)
      FSharp.Core (>= 4.6.2 < 4.7)
    Aardvark.Base.Runtime (4.5.11)
      Aardvark.Base.FSharp (4.5.11)
      Aardvark.Base.Incremental (4.5.11)
      Aardvark.Base.TypeProviders (>= 4.5.8 < 4.6)
      DevILSharp (>= 0.2.5 < 0.3)
      FSharp.Core (>= 4.6.2 < 4.7)
      FsPickler (>= 5.2.2 < 5.3)
    Aardvark.Base.Telemetry (4.5.11)
    Aardvark.Base.TypeProviders (4.5.8)
      FSharp.Core (>= 4.3)
    Aardvark.Compiler.DomainTypes (4.3)
      Aardvark.Base.Incremental (>= 4.5.8 < 4.6)
      FSharp.Core (>= 4.6.2 < 4.7)
    Aardvark.Compiler.DomainTypes.MSBuild (4.3)
      Aardvark.Compiler.DomainTypes (4.3)
    Aardvark.Geometry (4.5.11)
      Aardvark.Base.FSharp (4.5.11)
      Aardvark.Base.TypeProviders (>= 4.5.8 < 4.6)
      DevILSharp (>= 0.2.5 < 0.3)
      FSharp.Core (>= 4.6.2 < 4.7)
      FsPickler (>= 5.2.2 < 5.3)
      Unofficial.LibTessDotNet (>= 2.0.2 < 2.1)
    Aardvark.Geometry.Clustering (4.9.12)
      Aardvark.Base (>= 4.5.11 < 4.6)
      Aardvark.Geometry.PointTree (4.9.12)
      FSharp.Core (>= 4.6.2 < 4.7)
    Aardvark.Geometry.Intersection (4.9.12)
      Aardvark.Base (>= 4.5.11 < 4.6)
      Aardvark.Base.IO (>= 4.5.11 < 4.6)
      FSharp.Core (>= 4.6.2 < 4.7)
    Aardvark.Geometry.PointTree (4.9.12)
      Aardvark.Base (>= 4.5.11 < 4.6)
      Aardvark.Base.IO (>= 4.5.11 < 4.6)
      FSharp.Core (>= 4.6.2 < 4.7)
    Aardvark.Geometry.PolyMesh (4.9.12)
      Aardvark.Base (>= 4.5.11 < 4.6)
      Aardvark.Base.IO (>= 4.5.11 < 4.6)
      Aardvark.Base.Rendering (>= 4.11.1 < 4.12)
      Aardvark.Geometry.Clustering (4.9.12)
      Aardvark.Geometry.Intersection (4.9.12)
      FSharp.Core (>= 4.6.2 < 4.7)
    Aardvark.GPGPU (4.11.2)
      Aardvark.Base.Incremental (>= 4.5.11 < 4.6)
      Aardvark.Base.Rendering (4.11.2)
      FShade.Core (>= 4.3.9 < 4.4)
      FShade.GLSL (>= 4.3.9)
      FSharp.Core (>= 4.6.2 < 4.7)
    Aardvark.Rendering.GL (4.11.2)
      Aardvark.Base.Essentials (>= 4.5.11 < 4.6)
      Aardvark.Base.Incremental (>= 4.5.11 < 4.6)
      Aardvark.Base.Rendering (4.11.2)
      Aardvark.Base.Runtime (>= 4.5.11 < 4.6)
      FShade (>= 4.3.9 < 4.4)
      FSharp.Core (>= 4.6.2 < 4.7)
      Unofficial.OpenTK (>= 3.0.16 < 3.1)
    Aardvark.Rendering.Text (4.11.2)
      Aardvark.Base.Incremental (>= 4.5.11 < 4.6)
      Aardvark.Base.Rendering (4.11.2)
      Aardvark.SceneGraph (4.11.2)
      CommonMark.NET (>= 0.15.1 < 0.16)
      FShade.Core (>= 4.3.9 < 4.4)
      FShade.GLSL (>= 4.3.9)
      FSharp.Core (>= 4.6.2 < 4.7)
      Unofficial.LibTessDotNet (>= 2.0.2 < 2.1)
      Unofficial.Typography (>= 0.0.3 < 0.1)
    Aardvark.Rendering.Vulkan (4.11.2)
      Aardvark.Base.Incremental (>= 4.5.11 < 4.6)
      Aardvark.Base.Rendering (4.11.2)
      Aardvark.Base.Runtime (>= 4.5.11 < 4.6)
      FShade (>= 4.3.9 < 4.4)
      FSharp.Core (>= 4.6.2 < 4.7)
      GLSLangSharp (>= 0.4.4 < 0.5)
    Aardvark.SceneGraph (4.11.2)
      Aardvark.Base.Incremental (>= 4.5.11 < 4.6)
      Aardvark.Base.Rendering (4.11.2)
      FShade.Core (>= 4.3.9 < 4.4)
      FShade.GLSL (>= 4.3.9)
      FSharp.Core (>= 4.6.2 < 4.7)
    Aardvark.SceneGraph.IO (4.11.2)
      Aardvark.Base.Incremental (>= 4.5.11 < 4.6)
      Aardvark.Base.Rendering (4.11.2)
      Aardvark.SceneGraph (4.11.2)
      FShade.Core (>= 4.3.9 < 4.4)
      FShade.GLSL (>= 4.3.9)
      FSharp.Core (>= 4.6.2 < 4.7)
      Unofficial.AssimpNet (>= 4.0.1 < 4.1)
    Aardvark.Scenegraph.OPC (4.11.2)
      Aardvark.Base.Incremental (>= 4.5.11 < 4.6)
      Aardvark.Base.IO (>= 4.5.11 < 4.6)
      Aardvark.Base.Rendering (4.11.2)
      Aardvark.SceneGraph (4.11.2)
      FSharp.Core (>= 4.6.2 < 4.7)
      SharpZipLib.NETStandard (>= 1.0.7 < 1.1)
    Aardvark.Service (4.6)
      Aardvark.Application (>= 4.11)
      Aardvark.Base (>= 4.5.8 < 4.6)
      Aardvark.Base.FSharp (>= 4.5.8 < 4.6)
      Aardvark.Base.Incremental (>= 4.5.8 < 4.6)
      Aardvark.Base.Rendering (>= 4.11 < 4.12)
      Aardvark.GPGPU (>= 4.11 < 4.12)
      Aardvark.Rendering.GL (>= 4.11)
      Aardvark.Rendering.Vulkan (>= 4.11 < 4.12)
      FSharp.Core (>= 4.6.2 < 4.7)
      FsPickler (>= 5.2.2 < 5.3)
      FsPickler.Json (>= 5.2.2 < 5.3)
      Suave (>= 2.5.5 < 2.6)
    Aardvark.UI (4.6)
      Aardvark.Application (>= 4.11)
      Aardvark.Base (>= 4.5.8 < 4.6)
      Aardvark.Base.FSharp (>= 4.5.8 < 4.6)
      Aardvark.Base.Incremental (>= 4.5.8 < 4.6)
      Aardvark.Base.Rendering (>= 4.11 < 4.12)
      Aardvark.Compiler.DomainTypes (>= 4.3 < 4.4)
      Aardvark.GPGPU (>= 4.11 < 4.12)
      Aardvark.Rendering.GL (>= 4.11)
      Aardvark.Rendering.Vulkan (>= 4.11 < 4.12)
      Aardvark.SceneGraph (>= 4.11 < 4.12)
      Aardvark.Service (4.6)
      FSharp.Core (>= 4.6.2 < 4.7)
      FsPickler (>= 5.2.2 < 5.3)
      FsPickler.Json (>= 5.2.2 < 5.3)
      Suave (>= 2.5.5 < 2.6)
    Aardvark.UI.Primitives (4.6)
      Aardvark.Application (>= 4.11)
      Aardvark.Base (>= 4.5.8 < 4.6)
      Aardvark.Base.FSharp (>= 4.5.8 < 4.6)
      Aardvark.Base.Incremental (>= 4.5.8 < 4.6)
      Aardvark.Base.Rendering (>= 4.11 < 4.12)
      Aardvark.Compiler.DomainTypes.MSBuild (>= 4.3 < 4.4)
      Aardvark.SceneGraph (>= 4.11 < 4.12)
      Aardvark.Service (4.6)
      Aardvark.UI (4.6)
      FSharp.Core (>= 4.6.2 < 4.7)
      FsPickler (>= 5.2.2 < 5.3)
      FsPickler.Json (>= 5.2.2 < 5.3)
    CommonMark.NET (0.15.1)
    DevILSharp (0.2.5)
      FSharp.Core (>= 4.6.2 < 4.7)
    FShade (4.3.9)
      FShade.Core (4.3.9)
      FShade.GLSL (4.3.9)
      FShade.Imperative (4.3.9)
      FShade.SpirV (4.3.9)
    FShade.Core (4.3.9)
      Aardvark.Base (>= 4.5.11 < 4.6)
      Aardvark.Base.FSharp (>= 4.5.11 < 4.6)
      FShade.Imperative (4.3.9)
      FSharp.Core (>= 4.6.2 < 4.7)
    FShade.GLSL (4.3.9)
      Aardvark.Base (>= 4.5.11 < 4.6)
      Aardvark.Base.FSharp (>= 4.5.11 < 4.6)
      FShade.Core (4.3.9)
      FShade.Imperative (4.3.9)
      FSharp.Core (>= 4.6.2 < 4.7)
    FShade.Imperative (4.3.9)
      Aardvark.Base (>= 4.5.11 < 4.6)
      Aardvark.Base.FSharp (>= 4.5.11 < 4.6)
      FSharp.Core (>= 4.6.2 < 4.7)
      FsPickler (>= 5.2.2 < 5.3)
    FShade.SpirV (4.3.9)
      Aardvark.Base (>= 4.5.11 < 4.6)
      Aardvark.Base.FSharp (>= 4.5.11 < 4.6)
      FShade.Core (4.3.9)
      FShade.Imperative (4.3.9)
      FSharp.Core (>= 4.6.2 < 4.7)
    FSharp.Core (4.6.2)
    FSharp.Data (3.1.1)
      FSharp.Core (>= 4.0.0.1) - restriction: || (== net471) (&& (== netcoreapp2.0) (>= net45)) (&& (== netstandard2.0) (>= net45))
      FSharp.Core (>= 4.3.4) - restriction: || (&& (== net471) (< net45)) (== netcoreapp2.0) (== netstandard2.0)
    FsPickler (5.2.2)
      FSharp.Core (>= 3.1.2) - restriction: || (== net471) (&& (== netcoreapp2.0) (>= net45)) (&& (== netstandard2.0) (>= net45))
      FSharp.Core (>= 4.3.2) - restriction: || (&& (== net471) (< net45)) (== netcoreapp2.0) (== netstandard2.0)
      System.Reflection.Emit.Lightweight (>= 4.3) - restriction: || (&& (== net471) (< net45)) (== netcoreapp2.0) (== netstandard2.0)
    FsPickler.Json (5.2.2)
      FSharp.Core (>= 3.1.2) - restriction: || (== net471) (&& (== netcoreapp2.0) (>= net45)) (&& (== netstandard2.0) (>= net45))
      FSharp.Core (>= 4.3.2) - restriction: || (&& (== net471) (< net45)) (== netcoreapp2.0) (== netstandard2.0)
      Newtonsoft.Json (>= 6.0.5) - restriction: || (== net471) (&& (== netcoreapp2.0) (>= net45)) (&& (== netstandard2.0) (>= net45))
      Newtonsoft.Json (>= 10.0.1) - restriction: || (&& (== net471) (< net45)) (== netcoreapp2.0) (== netstandard2.0)
      SourceLink.Embed.PaketFiles
    GLSLangSharp (0.4.4)
      Aardvark.Base (>= 4.5.8)
      Aardvark.Base.FSharp (>= 4.5.8)
      FSharp.Core (>= 4.6.2 < 4.7)
    Microsoft.NETCore.Platforms (2.2.2) - restriction: || (&& (== net471) (< net45)) (== netcoreapp2.0) (== netstandard2.0)
    Microsoft.NETCore.Targets (2.1) - restriction: || (&& (== net471) (< net45)) (== netcoreapp2.0) (== netstandard2.0)
    NETStandard.Library (2.0.3) - restriction: || (&& (== net471) (< net45)) (== netcoreapp2.0) (== netstandard2.0)
      Microsoft.NETCore.Platforms (>= 1.1)
    Newtonsoft.Json (12.0.2)
    SharpZipLib.NETStandard (1.0.7)
      NETStandard.Library (>= 1.6.1) - restriction: || (&& (== net471) (< net45)) (== netcoreapp2.0) (== netstandard2.0)
    SourceLink.Embed.PaketFiles (2.8.3)
    Suave (2.5.5)
      FSharp.Core (>= 4.3.4 < 5.0)
    System.Collections (4.3) - restriction: || (&& (== net471) (< net45)) (== netcoreapp2.0) (== netstandard2.0)
      Microsoft.NETCore.Platforms (>= 1.1) - restriction: || (&& (== net471) (< net45)) (== netcoreapp2.0) (== netstandard2.0)
      Microsoft.NETCore.Targets (>= 1.1) - restriction: || (&& (== net471) (< net45)) (== netcoreapp2.0) (== netstandard2.0)
      System.Runtime (>= 4.3) - restriction: || (&& (== net471) (< net45)) (== netcoreapp2.0) (== netstandard2.0)
    System.Collections.Immutable (1.5)
    System.Diagnostics.Debug (4.3) - restriction: || (&& (== net471) (< net45)) (== netcoreapp2.0) (== netstandard2.0)
      Microsoft.NETCore.Platforms (>= 1.1) - restriction: || (&& (== net471) (< net45)) (== netcoreapp2.0) (== netstandard2.0)
      Microsoft.NETCore.Targets (>= 1.1) - restriction: || (&& (== net471) (< net45)) (== netcoreapp2.0) (== netstandard2.0)
      System.Runtime (>= 4.3) - restriction: || (&& (== net471) (< net45)) (== netcoreapp2.0) (== netstandard2.0)
    System.Dynamic.Runtime (4.3)
      System.Collections (>= 4.3) - restriction: || (&& (== net471) (< net45)) (== netcoreapp2.0) (== netstandard2.0)
      System.Diagnostics.Debug (>= 4.3) - restriction: || (&& (== net471) (< net45)) (== netcoreapp2.0) (== netstandard2.0)
      System.Linq (>= 4.3) - restriction: || (&& (== net471) (< net45)) (== netcoreapp2.0) (== netstandard2.0)
      System.Linq.Expressions (>= 4.3) - restriction: || (&& (== net471) (< net45)) (== netcoreapp2.0) (== netstandard2.0)
      System.ObjectModel (>= 4.3) - restriction: || (&& (== net471) (< net45)) (== netcoreapp2.0) (== netstandard2.0)
      System.Reflection (>= 4.3) - restriction: || (&& (== net471) (< net45)) (== netcoreapp2.0) (== netstandard2.0)
      System.Reflection.Emit (>= 4.3) - restriction: || (&& (== net471) (< net45)) (== netcoreapp2.0) (== netstandard2.0)
      System.Reflection.Emit.ILGeneration (>= 4.3) - restriction: || (&& (== net471) (< net45)) (== netcoreapp2.0) (== netstandard2.0)
      System.Reflection.Primitives (>= 4.3) - restriction: || (&& (== net471) (< net45)) (== netcoreapp2.0) (== netstandard2.0)
      System.Reflection.TypeExtensions (>= 4.3) - restriction: || (&& (== net471) (< net45)) (== netcoreapp2.0) (== netstandard2.0)
      System.Resources.ResourceManager (>= 4.3) - restriction: || (&& (== net471) (< net45)) (== netcoreapp2.0) (== netstandard2.0)
      System.Runtime (>= 4.3) - restriction: || (&& (== net471) (< net45)) (== netcoreapp2.0) (== netstandard2.0)
      System.Runtime.Extensions (>= 4.3) - restriction: || (&& (== net471) (< net45)) (== netcoreapp2.0) (== netstandard2.0)
      System.Threading (>= 4.3) - restriction: || (&& (== net471) (< net45)) (== netcoreapp2.0) (== netstandard2.0)
    System.Globalization (4.3) - restriction: || (&& (== net471) (< net45)) (== netcoreapp2.0) (== netstandard2.0)
      Microsoft.NETCore.Platforms (>= 1.1) - restriction: || (&& (== net471) (< net45)) (== netcoreapp2.0) (== netstandard2.0)
      Microsoft.NETCore.Targets (>= 1.1) - restriction: || (&& (== net471) (< net45)) (== netcoreapp2.0) (== netstandard2.0)
      System.Runtime (>= 4.3) - restriction: || (&& (== net471) (< net45)) (== netcoreapp2.0) (== netstandard2.0)
    System.IO (4.3) - restriction: || (&& (== net471) (< net45)) (== netcoreapp2.0) (== netstandard2.0)
      Microsoft.NETCore.Platforms (>= 1.1) - restriction: || (&& (== net471) (< net45)) (== netcoreapp2.0) (== netstandard2.0)
      Microsoft.NETCore.Targets (>= 1.1) - restriction: || (&& (== net471) (< net45)) (== netcoreapp2.0) (== netstandard2.0)
      System.Runtime (>= 4.3) - restriction: || (&& (== net471) (< net45)) (== netcoreapp2.0) (== netstandard2.0)
      System.Text.Encoding (>= 4.3) - restriction: || (&& (== net471) (< net45)) (== netcoreapp2.0) (== netstandard2.0)
      System.Threading.Tasks (>= 4.3) - restriction: || (&& (== net471) (< net45)) (== netcoreapp2.0) (== netstandard2.0)
    System.Linq (4.3) - restriction: || (&& (== net471) (< net45)) (== netcoreapp2.0) (== netstandard2.0)
      System.Collections (>= 4.3) - restriction: || (&& (== net471) (< net45)) (== netcoreapp2.0) (== netstandard2.0)
      System.Diagnostics.Debug (>= 4.3) - restriction: || (&& (== net471) (< net45)) (== netcoreapp2.0) (== netstandard2.0)
      System.Resources.ResourceManager (>= 4.3) - restriction: || (&& (== net471) (< net45)) (== netcoreapp2.0) (== netstandard2.0)
      System.Runtime (>= 4.3) - restriction: || (&& (== net471) (< net45)) (== netcoreapp2.0) (== netstandard2.0)
      System.Runtime.Extensions (>= 4.3) - restriction: || (&& (== net471) (< net45)) (== netcoreapp2.0) (== netstandard2.0)
    System.Linq.Expressions (4.3) - restriction: || (&& (== net471) (< net45)) (== netcoreapp2.0) (== netstandard2.0)
      System.Collections (>= 4.3) - restriction: || (&& (== net471) (< net45)) (== netcoreapp2.0) (== netstandard2.0)
      System.Diagnostics.Debug (>= 4.3) - restriction: || (&& (== net471) (< net45)) (== netcoreapp2.0) (== netstandard2.0)
      System.Globalization (>= 4.3) - restriction: || (&& (== net471) (< net45)) (== netcoreapp2.0) (== netstandard2.0)
      System.IO (>= 4.3) - restriction: || (&& (== net471) (< net45)) (== netcoreapp2.0) (== netstandard2.0)
      System.Linq (>= 4.3) - restriction: || (&& (== net471) (< net45)) (== netcoreapp2.0) (== netstandard2.0)
      System.ObjectModel (>= 4.3) - restriction: || (&& (== net471) (< net45)) (== netcoreapp2.0) (== netstandard2.0)
      System.Reflection (>= 4.3) - restriction: || (&& (== net471) (< net45)) (== netcoreapp2.0) (== netstandard2.0)
      System.Reflection.Emit (>= 4.3) - restriction: || (&& (== net471) (< net45)) (== netcoreapp2.0) (== netstandard2.0)
      System.Reflection.Emit.ILGeneration (>= 4.3) - restriction: || (&& (== net471) (< net45)) (== netcoreapp2.0) (== netstandard2.0)
      System.Reflection.Emit.Lightweight (>= 4.3) - restriction: || (&& (== net471) (< net45)) (== netcoreapp2.0) (== netstandard2.0)
      System.Reflection.Extensions (>= 4.3) - restriction: || (&& (== net471) (< net45)) (== netcoreapp2.0) (== netstandard2.0)
      System.Reflection.Primitives (>= 4.3) - restriction: || (&& (== net471) (< net45)) (== netcoreapp2.0) (== netstandard2.0)
      System.Reflection.TypeExtensions (>= 4.3) - restriction: || (&& (== net471) (< net45)) (== netcoreapp2.0) (== netstandard2.0)
      System.Resources.ResourceManager (>= 4.3) - restriction: || (&& (== net471) (< net45)) (== netcoreapp2.0) (== netstandard2.0)
      System.Runtime (>= 4.3) - restriction: || (&& (== net471) (< net45)) (== netcoreapp2.0) (== netstandard2.0)
      System.Runtime.Extensions (>= 4.3) - restriction: || (&& (== net471) (< net45)) (== netcoreapp2.0) (== netstandard2.0)
      System.Threading (>= 4.3) - restriction: || (&& (== net471) (< net45)) (== netcoreapp2.0) (== netstandard2.0)
    System.ObjectModel (4.3) - restriction: || (&& (== net471) (< net45)) (== netcoreapp2.0) (== netstandard2.0)
      System.Collections (>= 4.3) - restriction: || (&& (== net471) (< net45)) (== netcoreapp2.0) (== netstandard2.0)
      System.Diagnostics.Debug (>= 4.3) - restriction: || (&& (== net471) (< net45)) (== netcoreapp2.0) (== netstandard2.0)
      System.Resources.ResourceManager (>= 4.3) - restriction: || (&& (== net471) (< net45)) (== netcoreapp2.0) (== netstandard2.0)
      System.Runtime (>= 4.3) - restriction: || (&& (== net471) (< net45)) (== netcoreapp2.0) (== netstandard2.0)
      System.Threading (>= 4.3) - restriction: || (&& (== net471) (< net45)) (== netcoreapp2.0) (== netstandard2.0)
    System.Reactive (4.1.6)
      System.Runtime.InteropServices.WindowsRuntime (>= 4.3) - restriction: || (&& (== net471) (< net46)) (== netcoreapp2.0) (== netstandard2.0)
      System.Threading.Tasks.Extensions (>= 4.5.2)
      System.ValueTuple (>= 4.5) - restriction: || (== net471) (&& (== netcoreapp2.0) (>= net46)) (&& (== netcoreapp2.0) (>= uap10.0)) (&& (== netstandard2.0) (>= net46)) (&& (== netstandard2.0) (>= uap10.0))
    System.Reflection (4.3) - restriction: || (&& (== net471) (< net45)) (== netcoreapp2.0) (== netstandard2.0)
      Microsoft.NETCore.Platforms (>= 1.1) - restriction: || (&& (== net471) (< net45)) (== netcoreapp2.0) (== netstandard2.0)
      Microsoft.NETCore.Targets (>= 1.1) - restriction: || (&& (== net471) (< net45)) (== netcoreapp2.0) (== netstandard2.0)
      System.IO (>= 4.3) - restriction: || (&& (== net471) (< net45)) (== netcoreapp2.0) (== netstandard2.0)
      System.Reflection.Primitives (>= 4.3) - restriction: || (&& (== net471) (< net45)) (== netcoreapp2.0) (== netstandard2.0)
      System.Runtime (>= 4.3) - restriction: || (&& (== net471) (< net45)) (== netcoreapp2.0) (== netstandard2.0)
    System.Reflection.Emit (4.3) - restriction: || (&& (== net471) (< net45)) (== netcoreapp2.0) (== netstandard2.0)
      System.IO (>= 4.3) - restriction: || (&& (== net471) (< net45)) (== netcoreapp2.0) (== netstandard2.0)
      System.Reflection (>= 4.3) - restriction: || (&& (== net471) (< net45)) (== netcoreapp2.0) (== netstandard2.0)
      System.Reflection.Emit.ILGeneration (>= 4.3) - restriction: || (&& (== net471) (< net45)) (== netcoreapp2.0) (== netstandard2.0)
      System.Reflection.Primitives (>= 4.3) - restriction: || (&& (== net471) (< net45)) (== netcoreapp2.0) (== netstandard2.0)
      System.Runtime (>= 4.3) - restriction: || (&& (== net471) (< net45)) (== netcoreapp2.0) (== netstandard2.0)
    System.Reflection.Emit.ILGeneration (4.3) - restriction: || (&& (== net471) (< net45)) (== netcoreapp2.0) (== netstandard2.0)
      System.Reflection (>= 4.3) - restriction: || (&& (== net471) (< net45)) (== netcoreapp2.0) (== netstandard2.0)
      System.Reflection.Primitives (>= 4.3) - restriction: || (&& (== net471) (< net45)) (== netcoreapp2.0) (== netstandard2.0)
      System.Runtime (>= 4.3) - restriction: || (&& (== net471) (< net45)) (== netcoreapp2.0) (== netstandard2.0)
    System.Reflection.Emit.Lightweight (4.3) - restriction: || (&& (== net471) (< net45)) (== netcoreapp2.0) (== netstandard2.0)
      System.Reflection (>= 4.3) - restriction: || (&& (== net471) (< net45)) (== netcoreapp2.0) (== netstandard2.0)
      System.Reflection.Emit.ILGeneration (>= 4.3) - restriction: || (&& (== net471) (< net45)) (== netcoreapp2.0) (== netstandard2.0)
      System.Reflection.Primitives (>= 4.3) - restriction: || (&& (== net471) (< net45)) (== netcoreapp2.0) (== netstandard2.0)
      System.Runtime (>= 4.3) - restriction: || (&& (== net471) (< net45)) (== netcoreapp2.0) (== netstandard2.0)
    System.Reflection.Extensions (4.3) - restriction: || (&& (== net471) (< net45)) (== netcoreapp2.0) (== netstandard2.0)
      Microsoft.NETCore.Platforms (>= 1.1) - restriction: || (&& (== net471) (< net45)) (== netcoreapp2.0) (== netstandard2.0)
      Microsoft.NETCore.Targets (>= 1.1) - restriction: || (&& (== net471) (< net45)) (== netcoreapp2.0) (== netstandard2.0)
      System.Reflection (>= 4.3) - restriction: || (&& (== net471) (< net45)) (== netcoreapp2.0) (== netstandard2.0)
      System.Runtime (>= 4.3) - restriction: || (&& (== net471) (< net45)) (== netcoreapp2.0) (== netstandard2.0)
    System.Reflection.Primitives (4.3) - restriction: || (&& (== net471) (< net45)) (== netcoreapp2.0) (== netstandard2.0)
      Microsoft.NETCore.Platforms (>= 1.1) - restriction: || (&& (== net471) (< net45)) (== netcoreapp2.0) (== netstandard2.0)
      Microsoft.NETCore.Targets (>= 1.1) - restriction: || (&& (== net471) (< net45)) (== netcoreapp2.0) (== netstandard2.0)
      System.Runtime (>= 4.3) - restriction: || (&& (== net471) (< net45)) (== netcoreapp2.0) (== netstandard2.0)
    System.Reflection.TypeExtensions (4.5.1) - restriction: || (&& (== net471) (< net45)) (== netcoreapp2.0) (== netstandard2.0)
    System.Resources.ResourceManager (4.3) - restriction: || (&& (== net471) (< net45)) (== netcoreapp2.0) (== netstandard2.0)
      Microsoft.NETCore.Platforms (>= 1.1) - restriction: || (&& (== net471) (< net45)) (== netcoreapp2.0) (== netstandard2.0)
      Microsoft.NETCore.Targets (>= 1.1) - restriction: || (&& (== net471) (< net45)) (== netcoreapp2.0) (== netstandard2.0)
      System.Globalization (>= 4.3) - restriction: || (&& (== net471) (< net45)) (== netcoreapp2.0) (== netstandard2.0)
      System.Reflection (>= 4.3) - restriction: || (&& (== net471) (< net45)) (== netcoreapp2.0) (== netstandard2.0)
      System.Runtime (>= 4.3) - restriction: || (&& (== net471) (< net45)) (== netcoreapp2.0) (== netstandard2.0)
    System.Runtime (4.3.1) - restriction: || (&& (== net471) (< net45)) (== netcoreapp2.0) (== netstandard2.0)
      Microsoft.NETCore.Platforms (>= 1.1.1) - restriction: || (&& (== net471) (< net45)) (== netcoreapp2.0) (== netstandard2.0)
      Microsoft.NETCore.Targets (>= 1.1.3) - restriction: || (&& (== net471) (< net45)) (== netcoreapp2.0) (== netstandard2.0)
    System.Runtime.CompilerServices.Unsafe (4.5.2)
    System.Runtime.Extensions (4.3.1) - restriction: || (&& (== net471) (< net45)) (== netcoreapp2.0) (== netstandard2.0)
      Microsoft.NETCore.Platforms (>= 1.1.1) - restriction: || (&& (== net471) (< net45)) (== netcoreapp2.0) (== netstandard2.0)
      Microsoft.NETCore.Targets (>= 1.1.3) - restriction: || (&& (== net471) (< net45)) (== netcoreapp2.0) (== netstandard2.0)
      System.Runtime (>= 4.3.1) - restriction: || (&& (== net471) (< net45)) (== netcoreapp2.0) (== netstandard2.0)
    System.Runtime.InteropServices.WindowsRuntime (4.3) - restriction: || (&& (== net471) (< net46)) (== netcoreapp2.0) (== netstandard2.0)
      System.Runtime (>= 4.3) - restriction: || (&& (== net471) (< net45)) (== netcoreapp2.0) (== netstandard2.0)
    System.Text.Encoding (4.3) - restriction: || (&& (== net471) (< net45)) (== netcoreapp2.0) (== netstandard2.0)
      Microsoft.NETCore.Platforms (>= 1.1) - restriction: || (&& (== net471) (< net45)) (== netcoreapp2.0) (== netstandard2.0)
      Microsoft.NETCore.Targets (>= 1.1) - restriction: || (&& (== net471) (< net45)) (== netcoreapp2.0) (== netstandard2.0)
      System.Runtime (>= 4.3) - restriction: || (&& (== net471) (< net45)) (== netcoreapp2.0) (== netstandard2.0)
    System.Threading (4.3) - restriction: || (&& (== net471) (< net45)) (== netcoreapp2.0) (== netstandard2.0)
      System.Runtime (>= 4.3) - restriction: || (&& (== net471) (< net45)) (== netcoreapp2.0) (== netstandard2.0)
      System.Threading.Tasks (>= 4.3) - restriction: || (&& (== net471) (< net45)) (== netcoreapp2.0) (== netstandard2.0)
    System.Threading.Tasks (4.3) - restriction: || (&& (== net471) (< net45)) (== netcoreapp2.0) (== netstandard2.0)
      Microsoft.NETCore.Platforms (>= 1.1) - restriction: || (&& (== net471) (< net45)) (== netcoreapp2.0) (== netstandard2.0)
      Microsoft.NETCore.Targets (>= 1.1) - restriction: || (&& (== net471) (< net45)) (== netcoreapp2.0) (== netstandard2.0)
      System.Runtime (>= 4.3) - restriction: || (&& (== net471) (< net45)) (== netcoreapp2.0) (== netstandard2.0)
    System.Threading.Tasks.Extensions (4.5.3)
      System.Runtime.CompilerServices.Unsafe (>= 4.5.2)
    System.ValueTuple (4.5) - restriction: || (== net471) (&& (== netcoreapp2.0) (>= net46)) (&& (== netcoreapp2.0) (>= uap10.0)) (&& (== netstandard2.0) (>= net46)) (&& (== netstandard2.0) (>= uap10.0))
    Uncodium.Eigensystems (1.0.2)
      Aardvark.Base (>= 4.0 < 5.0)
    Unofficial.AssimpNet (4.0.1)
    Unofficial.LibTessDotNet (2.0.2)
    Unofficial.OpenTK (3.0.16)
    Unofficial.Typography (0.0.3)

GROUP Build
CONTENT: NONE
RESTRICTION: == net45
NUGET
  remote: https://api.nuget.org/v3/index.json
    FAKE (4.63.2)
    Mono.Cecil (0.10.4)
    SourceLink.Fake (1.1)
GITHUB
  remote: aardvark-platform/aardvark.fake
    FULLPROJECT (96926239f65c3d28860054c76882b637163f2841)
      FAKE (>= 4.63 < 4.64)
      Mono.Cecil (>= 0.10.0-beta6 < 0.11)
      SourceLink.Fake (>= 1.1 < 1.2)